GEM
  remote: https://rubygems.org/
  specs:
    puma (3.7.1)

PLATFORMS
  ruby

DEPENDENCIES
  puma (~> 3.7.1)

BUNDLED WITH
   1.14.4
